GEM
  remote: https://rubygems.org/
  specs:
    diff-lcs (1.2.1)
    json (1.7.7)
    rake (10.0.4)
    reek (1.3.1)
      ruby2ruby (~> 2.0.2)
      ruby_parser (~> 3.1.1)
      sexp_processor
    rspec (2.13.0)
      rspec-core (~> 2.13.0)
      rspec-expectations (~> 2.13.0)
      rspec-mocks (~> 2.13.0)
    rspec-core (2.13.0)
    rspec-expectations (2.13.0)
      diff-lcs (>= 1.1.3, < 2.0)
    rspec-mocks (2.13.0)
    ruby2ruby (2.0.3)
      ruby_parser (~> 3.1)
      sexp_processor (~> 4.0)
    ruby_parser (3.1.1)
      sexp_processor (~> 4.1)
    sexp_processor (4.1.4)
    transport (1.0.3)

PLATFORMS
  ruby

DEPENDENCIES
  json
  rake
  reek
  rspec
  transport (>= 1.0.2)

BUNDLED WITH
   1.11.2
